PATH
  remote: .
  specs:
    track_seats_ruby (0.1.1)

GEM
  remote: https://rubygems.org/
  specs:
    rake (12.3.3)

PLATFORMS
  ruby

DEPENDENCIES
  rake (~> 12.0)
  track_seats_ruby!

BUNDLED WITH
   2.1.4
